PATH
  remote: .
  specs:
    shaba (0.1.0)

GEM
  remote: https://rubygems.org/
  specs:
    byebug (8.2.4)
    diff-lcs (1.2.5)
    rake (10.4.2)
    rspec (3.1.0)
      rspec-core (~> 3.1.0)
      rspec-expectations (~> 3.1.0)
      rspec-mocks (~> 3.1.0)
    rspec-core (3.1.7)
      rspec-support (~> 3.1.0)
    rspec-expectations (3.1.2)
      diff-lcs (>= 1.2.0, < 2.0)
      rspec-support (~> 3.1.0)
    rspec-mocks (3.1.3)
      rspec-support (~> 3.1.0)
    rspec-support (3.1.2)

PLATFORMS
  ruby

DEPENDENCIES
  bundler (~> 1.11)
  byebug
  rake (~> 10.0)
  rspec (~> 3.0)
  shaba!

BUNDLED WITH
   1.11.2
